PATH
  remote: .
  specs:
    inline_editor (0.1.0)

GEM
  remote: https://rubygems.org/
  specs:
    addressable (2.7.0)
      public_suffix (>= 2.0.2, < 5.0)
    capybara (3.30.0)
      addressable
      mini_mime (>= 0.1.3)
      nokogiri (~> 1.8)
      rack (>= 1.6.0)
      rack-test (>= 0.6.3)
      regexp_parser (~> 1.5)
      xpath (~> 3.2)
    mini_mime (1.0.2)
    mini_portile2 (2.4.0)
    nokogiri (1.10.7)
      mini_portile2 (~> 2.4.0)
    public_suffix (4.0.3)
    rack (2.1.1)
    rack-test (1.1.0)
      rack (>= 1.0, < 3)
    regexp_parser (1.6.0)
    sqlite3 (1.4.1)
    xpath (3.2.0)
      nokogiri (~> 1.8)

PLATFORMS
  ruby

DEPENDENCIES
  capybara
  inline_editor!
  sqlite3 (~> 1.3, >= 1.3.6)

BUNDLED WITH
   2.1.2
